RESTRICTION: == net47
NUGET
  remote: https://api.nuget.org/v3/index.json
    Argu (5.1)
      FSharp.Core (>= 4.0.0.1)
    ExtCore (0.8.46)
    FAKE.Lib (5.1)
    FParsec (1.0.3)
      FSharp.Core (>= 4.0.0.1)
    FSharp.Collections.ParallelSeq (1.1.2)
      FSharp.Core (>= 4.0.0.1)
      System.ValueTuple (>= 4.3.1)
    FSharp.Compiler.Service (23.0.3)
      FSharp.Core (>= 4.1.18)
      System.Collections.Immutable (>= 1.3.1)
      System.Reflection.Metadata (>= 1.4.2)
      System.ValueTuple (>= 4.3.1)
    FSharp.Control.AsyncSeq (2.0.21)
      FSharp.Core (>= 3.1.2)
    FSharp.Control.Reactive (4.1)
      FSharp.Core (>= 4.2.3)
      System.Reactive (>= 4.0)
    FSharp.Core (4.5)
    FSharp.Data (2.4.6)
    FSharp.ViewModule.Core (1.0.7)
      FSharp.Core
    FsPickler (5.2)
      FSharp.Core (>= 3.1.2)
    FsUnit (3.1)
      FSharp.Core (>= 4.2.3)
      NUnit (>= 3.9 < 4.0)
    Newtonsoft.Json (11.0.2)
    NUnit (3.10.1)
    Suave (2.4.3)
      FSharp.Core (>= 4.0 < 5.0)
    Suave.Experimental (2.4.3)
      FSharp.Core (>= 4.0 < 5.0)
      Suave (>= 2.0 < 3.0)
    System.Collections.Immutable (1.5)
    System.Reactive (4.0)
    System.Reflection.Metadata (1.6)
      System.Collections.Immutable (>= 1.5)
    System.ValueTuple (4.5)
